GEM
  remote: https://rubygems.org/
  specs:
    addressable (2.5.2)
      public_suffix (>= 2.0.2, < 4.0)
    colorize (0.8.1)
    faraday (0.14.0)
      multipart-post (>= 1.2, < 3)
    filesize (0.1.1)
    mime-types (3.1)
      mime-types-data (~> 3.2015)
    mime-types-data (3.2016.0521)
    multipart-post (2.0.0)
    octokit (4.8.0)
      sawyer (~> 0.8.0, >= 0.5.3)
    os (1.0.0)
    public_suffix (3.0.2)
    sawyer (0.8.1)
      addressable (>= 2.3.5, < 2.6)
      faraday (~> 0.8, < 1.0)

PLATFORMS
  ruby

DEPENDENCIES
  colorize (~> 0.8.1)
  filesize (~> 0.1.1)
  mime-types (~> 3.1)
  octokit (~> 4.8)
  os (~> 1.0)

BUNDLED WITH
   1.16.1
